GEM
  remote: https://rubygems.org/
  specs:
    bootstrap-sass (3.3.1.0)
      sass (~> 3.2)
    sass (3.4.8)

PLATFORMS
  ruby

DEPENDENCIES
  bootstrap-sass
